STORAGE: NONE
NUGET
  remote: https://api.nuget.org/v3/index.json
    BouncyCastle.Cryptography (2.3) - restriction: || (&& (>= net462) (< netstandard2.0)) (&& (< net462) (>= netstandard2.0)) (>= net47) (>= netstandard2.1)
    Fable.AST (4.4) - restriction: >= netstandard2.0
    Fable.Browser.Blob (1.4) - restriction: >= netstandard2.0
      Fable.Core (>= 3.2.8) - restriction: >= netstandard2.0
      FSharp.Core (>= 4.7.2) - restriction: >= netstandard2.0
    Fable.Browser.Dom (2.16) - restriction: >= netstandard2.0
      Fable.Browser.Blob (>= 1.3) - restriction: >= netstandard2.0
      Fable.Browser.Event (>= 1.5) - restriction: >= netstandard2.0
      Fable.Browser.WebStorage (>= 1.2) - restriction: >= netstandard2.0
      Fable.Core (>= 3.2.8) - restriction: >= netstandard2.0
      FSharp.Core (>= 4.7.2) - restriction: >= netstandard2.0
    Fable.Browser.Event (1.6) - restriction: >= netstandard2.0
      Fable.Browser.Gamepad (>= 1.3) - restriction: >= netstandard2.0
      Fable.Core (>= 3.2.8) - restriction: >= netstandard2.0
      FSharp.Core (>= 4.7.2) - restriction: >= netstandard2.0
    Fable.Browser.Gamepad (1.3) - restriction: >= netstandard2.0
      Fable.Core (>= 3.2.8) - restriction: >= netstandard2.0
      FSharp.Core (>= 4.7.2) - restriction: >= netstandard2.0
    Fable.Browser.WebStorage (1.3) - restriction: >= netstandard2.0
      Fable.Browser.Event (>= 1.6) - restriction: >= netstandard2.0
      Fable.Core (>= 3.2.8) - restriction: >= netstandard2.0
      FSharp.Core (>= 4.7.2) - restriction: >= netstandard2.0
    Fable.Browser.XMLHttpRequest (1.4) - restriction: >= netstandard2.0
      Fable.Browser.Blob (>= 1.4) - restriction: >= netstandard2.0
      Fable.Browser.Event (>= 1.6) - restriction: >= netstandard2.0
      Fable.Core (>= 3.2.8) - restriction: >= netstandard2.0
      FSharp.Core (>= 4.7.2) - restriction: >= netstandard2.0
    Fable.Core (4.3)
    Fable.Elmish (4.1)
      Fable.Core (>= 3.7.1) - restriction: >= netstandard2.0
      FSharp.Core (>= 4.7.2) - restriction: >= netstandard2.0
    Fable.Elmish.Browser (4.0.3)
      Fable.Browser.Dom (>= 2.14) - restriction: >= netstandard2.0
      Fable.Elmish (>= 4.1) - restriction: >= netstandard2.0
      Fable.Elmish.UrlParser (>= 1.0.2) - restriction: >= netstandard2.0
      FSharp.Core (>= 4.7.2) - restriction: >= netstandard2.0
    Fable.Elmish.Debugger (4.0)
      Fable.Elmish (>= 4.0) - restriction: >= netstandard2.0
      FSharp.Core (>= 6.0.7) - restriction: >= netstandard2.0
      Thoth.Json (>= 6.0) - restriction: >= netstandard2.0
    Fable.Elmish.HMR (7.0)
      Fable.Core (>= 3.7.1) - restriction: >= netstandard2.0
      Fable.Elmish.React (>= 4.0) - restriction: >= netstandard2.0
      FSharp.Core (>= 4.7.2) - restriction: >= netstandard2.0
    Fable.Elmish.React (4.0)
      Fable.Elmish (>= 4.0) - restriction: >= netstandard2.0
      Fable.ReactDom.Types (>= 18.0) - restriction: >= netstandard2.0
      FSharp.Core (>= 4.7.2) - restriction: >= netstandard2.0
    Fable.Elmish.UrlParser (1.0.2)
      FSharp.Core (>= 4.7.2) - restriction: >= netstandard2.0
    Fable.Parsimmon (4.1) - restriction: >= netstandard2.0
      Fable.Core (>= 3.0) - restriction: >= netstandard2.0
      FSharp.Core (>= 4.6.2) - restriction: >= netstandard2.0
    Fable.React.Types (18.3) - restriction: >= netstandard2.0
      Fable.Browser.Dom (>= 2.4.4) - restriction: >= netstandard2.0
      Fable.Core (>= 3.2.7) - restriction: >= netstandard2.0
      FSharp.Core (>= 4.7.2) - restriction: >= netstandard2.0
    Fable.ReactDom.Types (18.2) - restriction: >= netstandard2.0
      Fable.React.Types (>= 18.3) - restriction: >= netstandard2.0
      FSharp.Core (>= 4.7.2) - restriction: >= netstandard2.0
    Fable.Remoting.Client (7.32)
      Fable.Browser.XMLHttpRequest (>= 1.0) - restriction: >= netstandard2.0
      Fable.Core (>= 3.1.5) - restriction: >= netstandard2.0
      Fable.Remoting.MsgPack (>= 1.24) - restriction: >= netstandard2.0
      Fable.SimpleJson (>= 3.24) - restriction: >= netstandard2.0
      FSharp.Core (>= 4.7.2) - restriction: >= netstandard2.0
    Fable.Remoting.Giraffe (5.19)
      Fable.Remoting.Server (>= 5.37) - restriction: >= net5.0
      FSharp.Core (>= 6.0) - restriction: >= net5.0
      Giraffe (>= 5.0) - restriction: >= net5.0
      Microsoft.IO.RecyclableMemoryStream (>= 3.0 < 4.0) - restriction: >= net5.0
    Fable.Remoting.Json (2.23) - restriction: >= net5.0
      FSharp.Core (>= 6.0) - restriction: || (>= net462) (>= netstandard2.0)
      Newtonsoft.Json (>= 12.0.2) - restriction: || (>= net462) (>= netstandard2.0)
    Fable.Remoting.MsgPack (1.24) - restriction: >= netstandard2.0
      FSharp.Core (>= 4.7.2) - restriction: || (>= net462) (>= netstandard2.0)
      System.ValueTuple (>= 4.4) - restriction: >= net462
    Fable.Remoting.Server (5.37) - restriction: >= net5.0
      Fable.Remoting.Json (>= 2.23) - restriction: || (>= net462) (>= netstandard2.0)
      Fable.Remoting.MsgPack (>= 1.24) - restriction: || (>= net462) (>= netstandard2.0)
      FSharp.Core (>= 6.0) - restriction: || (>= net462) (>= netstandard2.0)
      Microsoft.IO.RecyclableMemoryStream (>= 3.0 < 4.0) - restriction: || (>= net462) (>= netstandard2.0)
    Fable.SimpleJson (3.24) - restriction: >= netstandard2.0
      Fable.Core (>= 3.1.5) - restriction: >= netstandard2.0
      Fable.Parsimmon (>= 4.0) - restriction: >= netstandard2.0
      FSharp.Core (>= 4.7) - restriction: >= netstandard2.0
    Feliz (2.7)
      Fable.ReactDom.Types (>= 18.2) - restriction: >= netstandard2.0
      Feliz.CompilerPlugins (>= 2.2) - restriction: >= netstandard2.0
      FSharp.Core (>= 4.7.2) - restriction: >= netstandard2.0
    Feliz.CompilerPlugins (2.2) - restriction: >= netstandard2.0
      Fable.AST (>= 4.2.1) - restriction: >= netstandard2.0
      FSharp.Core (>= 4.7.2) - restriction: >= netstandard2.0
    Feliz.DaisyUI (4.2)
      Feliz (>= 2.7) - restriction: >= netstandard2.0
      FSharp.Core (>= 4.7.2) - restriction: >= netstandard2.0
    FSharp.Control.Websockets (0.3) - restriction: >= net6.0
      FSharp.Core (>= 6.0) - restriction: || (>= net461) (>= netstandard2.0)
      Microsoft.IO.RecyclableMemoryStream (>= 3.0) - restriction: || (>= net461) (>= netstandard2.0)
    FSharp.Core (8.0.200) - restriction: >= netstandard2.0
    Giraffe (6.4) - restriction: >= net5.0
      FSharp.Core (>= 6.0) - restriction: >= net6.0
      Giraffe.ViewEngine (>= 1.4) - restriction: >= net6.0
      Microsoft.IO.RecyclableMemoryStream (>= 3.0) - restriction: >= net6.0
      Newtonsoft.Json (>= 13.0.3) - restriction: >= net6.0
      System.Text.Json (>= 8.0.3) - restriction: >= net6.0
    Giraffe.ViewEngine (1.4) - restriction: >= net6.0
      FSharp.Core (>= 5.0) - restriction: >= netstandard2.0
    MailKit (4.4)
      MimeKit (>= 4.4) - restriction: || (&& (>= net462) (< netstandard2.0)) (&& (< net462) (>= netstandard2.0)) (>= net47) (>= netstandard2.1)
      System.Formats.Asn1 (>= 8.0) - restriction: || (&& (>= net462) (< netstandard2.0)) (&& (< net462) (>= netstandard2.0) (< netstandard2.1)) (>= net47)
      System.Threading.Tasks.Extensions (>= 4.5.4) - restriction: || (&& (>= net462) (< netstandard2.0)) (&& (< net462) (>= netstandard2.0) (< netstandard2.1)) (>= net47)
    Microsoft.AspNetCore.Authentication.JwtBearer (8.0.4) - restriction: >= net6.0
      Microsoft.IdentityModel.Protocols.OpenIdConnect (>= 7.1.2) - restriction: >= net8.0
    Microsoft.Extensions.DependencyInjection.Abstractions (8.0.1) - restriction: >= net6.0
    Microsoft.Extensions.Logging.Abstractions (8.0.1) - restriction: >= net6.0
      Microsoft.Extensions.DependencyInjection.Abstractions (>= 8.0.1) - restriction: || (>= net462) (>= netstandard2.0)
    Microsoft.IdentityModel.Abstractions (7.5.1) - restriction: >= net8.0
    Microsoft.IdentityModel.JsonWebTokens (7.5.1) - restriction: >= net8.0
      Microsoft.IdentityModel.Tokens (>= 7.5.1) - restriction: || (&& (>= net461) (< netstandard2.0)) (&& (< net461) (>= netstandard2.0)) (>= net462) (>= net6.0)
    Microsoft.IdentityModel.Logging (7.5.1) - restriction: >= net8.0
      Microsoft.IdentityModel.Abstractions (>= 7.5.1) - restriction: || (&& (>= net461) (< netstandard2.0)) (&& (< net461) (>= netstandard2.0)) (>= net462) (>= net6.0)
    Microsoft.IdentityModel.Protocols (7.5.1) - restriction: >= net8.0
      Microsoft.IdentityModel.Tokens (>= 7.5.1) - restriction: || (&& (>= net461) (< netstandard2.0)) (&& (< net461) (>= netstandard2.0)) (>= net462) (>= net6.0)
    Microsoft.IdentityModel.Protocols.OpenIdConnect (7.5.1) - restriction: >= net8.0
      Microsoft.IdentityModel.Protocols (>= 7.5.1) - restriction: || (&& (>= net461) (< netstandard2.0)) (&& (< net461) (>= netstandard2.0)) (>= net462) (>= net6.0)
      System.IdentityModel.Tokens.Jwt (>= 7.5.1) - restriction: || (&& (>= net461) (< netstandard2.0)) (&& (< net461) (>= netstandard2.0)) (>= net462) (>= net6.0)
    Microsoft.IdentityModel.Tokens (7.5.1) - restriction: >= net8.0
      Microsoft.IdentityModel.Logging (>= 7.5.1) - restriction: || (&& (>= net461) (< netstandard2.0)) (&& (< net461) (>= netstandard2.0)) (>= net462) (>= net6.0)
    Microsoft.IO.RecyclableMemoryStream (3.0) - restriction: >= net5.0
    Microsoft.NETCore.Platforms (7.0.4) - restriction: && (< monoandroid) (>= netcoreapp2.0) (< netcoreapp2.1) (< netstandard2.1) (< xamarintvos) (< xamarinwatchos)
    MimeKit (4.4) - restriction: || (&& (>= net462) (< netstandard2.0)) (&& (< net462) (>= netstandard2.0)) (>= net47) (>= netstandard2.1)
      BouncyCastle.Cryptography (>= 2.3) - restriction: || (&& (>= net462) (< netstandard2.0)) (&& (< net462) (>= netstandard2.0)) (>= net47) (>= netstandard2.1)
      System.Buffers (>= 4.5.1) - restriction: || (&& (>= net462) (< netstandard2.0)) (&& (< net462) (>= netstandard2.0) (< netstandard2.1)) (>= net47) (&& (< net6.0) (>= netstandard2.1))
      System.Data.DataSetExtensions (>= 4.5) - restriction: && (< net462) (>= netstandard2.0) (< netstandard2.1)
      System.Memory (>= 4.5.5) - restriction: || (&& (>= net462) (< netstandard2.0)) (&& (< net462) (>= netstandard2.0) (< netstandard2.1)) (>= net47) (&& (< net6.0) (>= netstandard2.1))
      System.Runtime.CompilerServices.Unsafe (>= 6.0) - restriction: || (&& (>= net462) (< netstandard2.0)) (&& (< net462) (>= netstandard2.0)) (>= net47) (>= netstandard2.1)
      System.Security.Cryptography.Pkcs (>= 8.0) - restriction: || (&& (< net462) (>= netstandard2.0)) (>= netstandard2.1)
      System.Text.Encoding.CodePages (>= 8.0) - restriction: || (&& (< net462) (>= netstandard2.0)) (>= netstandard2.1)
    Newtonsoft.Json (13.0.3) - restriction: >= net5.0
    Npgsql (8.0.2) - restriction: >= net6.0
      Microsoft.Extensions.Logging.Abstractions (>= 8.0) - restriction: >= netstandard2.0
      System.Diagnostics.DiagnosticSource (>= 8.0) - restriction: || (&& (>= net6.0) (< net7.0)) (&& (< net6.0) (>= netstandard2.1)) (&& (>= netstandard2.0) (< netstandard2.1))
      System.Runtime.CompilerServices.Unsafe (>= 6.0) - restriction: || (&& (>= net6.0) (< net7.0)) (&& (< net6.0) (>= netstandard2.1)) (&& (>= netstandard2.0) (< netstandard2.1))
      System.Text.Json (>= 8.0) - restriction: || (&& (>= net6.0) (< net7.0)) (&& (< net6.0) (>= netstandard2.1)) (&& (>= netstandard2.0) (< netstandard2.1))
    Npgsql.FSharp (5.7)
      FSharp.Core (>= 6.0) - restriction: >= net6.0
      Npgsql (>= 7.0.1) - restriction: >= net6.0
    Saturn (0.16.1)
      FSharp.Control.Websockets (>= 0.2.2) - restriction: >= net6.0
      Giraffe (>= 6.0) - restriction: >= net6.0
      Microsoft.AspNetCore.Authentication.JwtBearer (>= 6.0.3) - restriction: >= net6.0
    System.Buffers (4.5.1) - restriction: || (&& (>= monoandroid) (< netstandard1.1) (>= netstandard2.0)) (&& (>= monoandroid) (< netstandard1.1) (>= netstandard2.1)) (&& (< monoandroid) (< netstandard1.1) (>= netstandard2.0) (< win8)) (&& (< monoandroid) (< netstandard1.1) (>= netstandard2.1)) (&& (< monoandroid) (< netstandard2.0) (>= netstandard2.1)) (&& (>= monotouch) (>= net462)) (&& (>= monotouch) (>= netstandard2.0)) (&& (>= monotouch) (>= netstandard2.1)) (&& (>= net45) (< netstandard2.0) (>= netstandard2.1)) (&& (< net45) (< netcoreapp2.0) (>= netstandard2.0) (< netstandard2.1)) (&& (>= net461) (< net462) (>= netstandard2.0)) (&& (>= net461) (>= netstandard2.1)) (&& (>= net462) (< netstandard1.1)) (&& (>= net462) (< netstandard2.0)) (&& (< net462) (>= netstandard2.0) (< netstandard2.1)) (>= net47) (&& (< net6.0) (>= netstandard2.1)) (&& (< net6.0) (>= xamarinios)) (&& (< net6.0) (>= xamarinmac)) (&& (< netcoreapp2.0) (>= netstandard2.1)) (&& (< netstandard1.1) (>= netstandard2.0) (>= win8)) (&& (< netstandard1.1) (>= netstandard2.1) (>= win8)) (&& (>= netstandard2.0) (< netstandard2.1) (>= xamarintvos)) (&& (>= netstandard2.0) (< netstandard2.1) (>= xamarinwatchos)) (&& (< netstandard2.0) (>= netstandard2.1) (>= wpa81)) (&& (< netstandard2.1) (>= xamarinios)) (&& (< netstandard2.1) (>= xamarinmac))
    System.Data.DataSetExtensions (4.5) - restriction: || (&& (< net462) (>= net47) (>= netstandard2.0)) (&& (< net462) (>= netstandard2.0) (< netstandard2.1))
    System.Diagnostics.DiagnosticSource (8.0.1) - restriction: || (&& (>= net6.0) (< net7.0)) (&& (>= net6.0) (< netstandard2.1))
      System.Runtime.CompilerServices.Unsafe (>= 6.0) - restriction: || (>= net462) (&& (>= net6.0) (< net7.0)) (&& (< net6.0) (>= netstandard2.0))
    System.Formats.Asn1 (8.0) - restriction: || (&& (>= net462) (< netstandard2.0)) (&& (< net462) (>= netstandard2.0)) (>= net47) (&& (>= netcoreapp3.0) (< xamarintvos) (< xamarinwatchos)) (>= netstandard2.1)
      System.Buffers (>= 4.5.1) - restriction: || (>= net462) (&& (< net6.0) (>= netstandard2.0))
      System.Memory (>= 4.5.5) - restriction: || (>= net462) (&& (< net6.0) (>= netstandard2.0))
      System.ValueTuple (>= 4.5) - restriction: >= net462
    System.IdentityModel.Tokens.Jwt (7.5.1) - restriction: >= net8.0
      Microsoft.IdentityModel.JsonWebTokens (>= 7.5.1) - restriction: || (&& (>= net461) (< netstandard2.0)) (&& (< net461) (>= netstandard2.0)) (>= net462) (>= net6.0)
      Microsoft.IdentityModel.Tokens (>= 7.5.1) - restriction: || (&& (>= net461) (< netstandard2.0)) (&& (< net461) (>= netstandard2.0)) (>= net462) (>= net6.0)
    System.Memory (4.5.5) - restriction: || (&& (>= net462) (< netstandard2.0)) (&& (>= net462) (>= netstandard2.1)) (&& (< net462) (< net6.0) (>= netstandard2.0)) (&& (< net462) (>= netstandard2.0) (< netstandard2.1)) (>= net47) (&& (< net6.0) (>= netstandard2.1))
      System.Buffers (>= 4.5.1) - restriction: || (&& (>= monoandroid) (< netstandard1.1)) (&& (< monoandroid) (< net45) (>= netstandard1.1) (< netstandard2.0) (< win8) (< wpa81)) (&& (< monoandroid) (< netstandard1.1) (>= portable-net45+win8+wpa81) (< win8)) (>= monotouch) (&& (>= net45) (< netstandard2.0)) (&& (< net45) (< netcoreapp2.0) (>= netstandard2.0)) (>= net461) (&& (< netstandard1.1) (>= win8)) (&& (< netstandard2.0) (< uap10.1) (>= wpa81)) (>= xamarinios) (>= xamarinmac) (>= xamarintvos) (>= xamarinwatchos)
      System.Numerics.Vectors (>= 4.4) - restriction: && (< net45) (< netcoreapp2.0) (>= netstandard2.0) (< xamarinios) (< xamarinmac) (< xamarintvos) (< xamarinwatchos)
      System.Numerics.Vectors (>= 4.5) - restriction: >= net461
      System.Runtime.CompilerServices.Unsafe (>= 4.5.3) - restriction: || (&& (>= monoandroid) (< netstandard1.1)) (&& (< monoandroid) (< net45) (>= netstandard1.1) (< netstandard2.0) (< win8) (< wpa81)) (&& (< monoandroid) (>= netcoreapp2.0) (< netcoreapp2.1)) (&& (< monoandroid) (< netstandard1.1) (>= portable-net45+win8+wpa81) (< win8)) (>= monotouch) (&& (>= net45) (< netstandard2.0)) (&& (< net45) (< netcoreapp2.0) (>= netstandard2.0)) (>= net461) (&& (< netstandard1.1) (>= win8)) (&& (< netstandard2.0) (>= wpa81)) (>= uap10.1) (>= xamarinios) (>= xamarinmac) (>= xamarintvos) (>= xamarinwatchos)
    System.Numerics.Vectors (4.5) - restriction: || (&& (< net45) (< netcoreapp2.0) (>= netstandard2.0) (< netstandard2.1) (< xamarintvos) (< xamarinwatchos)) (&& (>= net461) (< net462) (>= netstandard2.0)) (&& (>= net461) (>= netstandard2.1)) (&& (>= net462) (< netstandard2.0)) (>= net47) (&& (< netcoreapp2.0) (>= netstandard2.1) (< xamarinios) (< xamarinmac) (< xamarintvos) (< xamarinwatchos))
    System.Runtime.CompilerServices.Unsafe (6.0) - restriction: || (&& (>= monoandroid) (< netstandard1.1) (>= netstandard2.0)) (&& (< monoandroid) (>= netcoreapp2.0) (< netcoreapp2.1)) (&& (< monoandroid) (< netstandard1.0) (>= netstandard2.0) (< win8)) (&& (< monoandroid) (< netstandard1.1) (>= netstandard2.0) (< win8)) (&& (>= monotouch) (>= net462)) (&& (>= monotouch) (>= netstandard2.0)) (&& (< net45) (< netcoreapp2.0) (>= netstandard2.0)) (&& (< net45) (< netcoreapp2.1) (>= netstandard2.0) (< xamarintvos) (< xamarinwatchos)) (&& (>= net462) (< netstandard1.0)) (&& (>= net462) (< netstandard1.1)) (&& (>= net462) (< netstandard2.0)) (&& (>= net462) (>= uap10.1)) (&& (>= net462) (>= wp8)) (&& (< net462) (>= netstandard2.0)) (>= net47) (&& (>= net6.0) (< net7.0)) (&& (< net6.0) (>= xamarinios)) (&& (< net6.0) (>= xamarinmac)) (&& (< netstandard1.0) (>= netstandard2.0) (>= win8)) (&& (< netstandard1.1) (>= netstandard2.0) (>= win8)) (&& (>= netstandard2.0) (>= uap10.1)) (&& (>= netstandard2.0) (>= wp8)) (&& (>= netstandard2.0) (>= xamarintvos)) (&& (>= netstandard2.0) (>= xamarinwatchos)) (>= netstandard2.1)
    System.Security.Cryptography.Cng (5.0) - restriction: || (&& (< net462) (>= netstandard2.0) (< netstandard2.1)) (&& (< net6.0) (>= netstandard2.1))
      Microsoft.NETCore.Platforms (>= 5.0) - restriction: && (< monoandroid) (>= netcoreapp2.0) (< netcoreapp2.1) (< netstandard2.1) (< xamarintvos) (< xamarinwatchos)
      System.Formats.Asn1 (>= 5.0) - restriction: && (>= netcoreapp3.0) (< xamarinios) (< xamarinmac) (< xamarintvos) (< xamarinwatchos)
    System.Security.Cryptography.Pkcs (8.0) - restriction: || (&& (< net462) (>= netstandard2.0)) (>= netstandard2.1)
      System.Buffers (>= 4.5.1) - restriction: && (< net462) (>= netstandard2.0) (< netstandard2.1)
      System.Formats.Asn1 (>= 8.0) - restriction: || (&& (< net462) (>= netstandard2.0)) (>= netstandard2.1)
      System.Memory (>= 4.5.5) - restriction: && (< net462) (>= netstandard2.0) (< netstandard2.1)
      System.Security.Cryptography.Cng (>= 5.0) - restriction: || (&& (< net462) (>= netstandard2.0) (< netstandard2.1)) (&& (< net6.0) (>= netstandard2.1))
    System.ServiceModel.Syndication (8.0)
    System.Text.Encoding.CodePages (8.0) - restriction: || (&& (< net462) (>= netstandard2.0)) (>= netstandard2.1)
      System.Memory (>= 4.5.5) - restriction: || (>= net462) (&& (< net6.0) (>= netstandard2.0))
      System.Runtime.CompilerServices.Unsafe (>= 6.0) - restriction: || (>= net462) (&& (>= net6.0) (< net7.0)) (&& (< net6.0) (>= netstandard2.0))
    System.Text.Encodings.Web (8.0) - restriction: >= net6.0
      System.Runtime.CompilerServices.Unsafe (>= 6.0) - restriction: || (>= net462) (&& (>= net6.0) (< net7.0)) (&& (< net6.0) (>= netstandard2.0))
    System.Text.Json (8.0.3) - restriction: >= net6.0
      System.Runtime.CompilerServices.Unsafe (>= 6.0) - restriction: || (>= net462) (&& (>= net6.0) (< net7.0)) (&& (< net6.0) (>= netstandard2.0))
      System.Text.Encodings.Web (>= 8.0) - restriction: || (>= net462) (>= netstandard2.0)
    System.Threading.Tasks.Extensions (4.5.4) - restriction: || (&& (>= net462) (< netstandard2.0)) (&& (< net462) (>= netstandard2.0) (< netstandard2.1)) (>= net47)
      System.Runtime.CompilerServices.Unsafe (>= 4.5.3) - restriction: || (&& (< monoandroid) (< monotouch) (< net45) (>= netstandard1.0) (< netstandard2.0) (< win8) (< wpa81) (< xamarintvos) (< xamarinwatchos)) (&& (< monoandroid) (< netstandard1.0) (>= portable-net45+win8+wp8+wpa81) (< win8)) (&& (>= net45) (< netstandard2.0)) (&& (< net45) (< netcoreapp2.1) (>= netstandard2.0) (< xamarinios) (< xamarinmac) (< xamarintvos) (< xamarinwatchos)) (>= net461) (&& (< netstandard1.0) (>= win8)) (&& (< netstandard2.0) (>= wpa81)) (>= wp8)
    System.ValueTuple (4.5) - restriction: || (&& (>= net462) (>= netstandard2.0)) (&& (>= net462) (< netstandard2.0)) (>= net47)
    Thoth.Json (10.2) - restriction: >= netstandard2.0
      Fable.Core (>= 3.6.2) - restriction: >= netstandard2.0
      FSharp.Core (>= 4.7.2) - restriction: >= netstandard2.0
